GEM
  remote: https://rubygems.org/
  specs:
    bio (2.0.2)

PLATFORMS
  ruby

DEPENDENCIES
  bio

BUNDLED WITH
   2.1.4
